PATH
  remote: .
  specs:
    force_ruby_platform_test (0.1.0)

GEM
  remote: https://rubygems.org/
  specs:
    rouge (3.3.0)

PLATFORMS
  ruby

DEPENDENCIES
  bundler (>= 1)
  force_ruby_platform_test!
  rouge

BUNDLED WITH
   1.17.1
