GEM
  remote: https://rubygems.org/
  specs:

PATH
  remote: .
  specs:
    force_ruby_platform_test (0.1.0)

PLATFORMS
  ruby

DEPENDENCIES
  bundler (>= 1)
  force_ruby_platform_test!

BUNDLED WITH
   2.0.0.dev
